GEM
  remote: https://rubygems.org/
  specs:
    coderay (1.1.2)
    gmail (0.4.0)
      gmail_xoauth (>= 0.3.0)
      mail (>= 2.2.1)
      mime (>= 0.1)
    gmail_xoauth (0.4.1)
      oauth (>= 0.3.6)
    mail (2.7.1)
      mini_mime (>= 0.1.1)
    method_source (0.9.2)
    mime (0.3.0)
    mini_mime (1.0.2)
    oauth (0.4.7)
    pry (0.12.2)
      coderay (~> 1.1.0)
      method_source (~> 0.9.0)

PLATFORMS
  ruby

DEPENDENCIES
  gmail
  pry

RUBY VERSION
   ruby 2.6.3p62

BUNDLED WITH
   2.0.1
